GEM
  remote: https://rubygems.org/
  specs:
    RedCloth (4.2.9)
    coderay (1.1.0)
    kramdown (0.14.2)
    less (1.2.21)
      mutter (>= 0.4.2)
      treetop (>= 1.4.2)
    mutter (0.5.3)
    polyglot (0.3.3)
    treetop (1.4.15)
      polyglot
      polyglot (>= 0.3.1)
    zenweb (3.0.0.b3)
      coderay (~> 1.0)
      kramdown (~> 0.13)
      less (~> 1.2)
    zenweb-textile (0.0.1)
      RedCloth (~> 4.2.9)
      zenweb (= 3.0.0.b3)

PLATFORMS
  ruby

DEPENDENCIES
  zenweb
  zenweb-textile
