PATH
  remote: .
  specs:
    arvados-cli (0.1.20140903145725)
      activesupport (~> 3.2, >= 3.2.13)
      andand (~> 1.3, >= 1.3.3)
      arvados (~> 0.1.0)
      curb (~> 0.8)
      google-api-client (~> 0.6.3)
      json (~> 1.7, >= 1.7.7)
      jwt (>= 0.1.5, < 1.0.0)
      oj (~> 2.0, >= 2.0.3)
      trollop (~> 2.0)

GEM
  remote: https://rubygems.org/
  specs:
    activesupport (3.2.17)
      i18n (~> 0.6, >= 0.6.4)
      multi_json (~> 1.0)
    addressable (2.3.6)
    andand (1.3.3)
    arvados (0.1.20140903145725)
      activesupport (>= 3.2.13)
      andand
      google-api-client (~> 0.6.3)
      json (>= 1.7.7)
      jwt (>= 0.1.5, < 1.0.0)
    autoparse (0.3.3)
      addressable (>= 2.3.1)
      extlib (>= 0.9.15)
      multi_json (>= 1.0.0)
    curb (0.8.6)
    extlib (0.9.16)
    faraday (0.8.9)
      multipart-post (~> 1.2.0)
    google-api-client (0.6.4)
      addressable (>= 2.3.2)
      autoparse (>= 0.3.3)
      extlib (>= 0.9.15)
      faraday (~> 0.8.4)
      jwt (>= 0.1.5)
      launchy (>= 2.1.1)
      multi_json (>= 1.0.0)
      signet (~> 0.4.5)
      uuidtools (>= 2.1.0)
    i18n (0.6.11)
    json (1.8.1)
    jwt (0.1.13)
      multi_json (>= 1.5)
    launchy (2.4.2)
      addressable (~> 2.3)
    minitest (5.2.3)
    multi_json (1.10.1)
    multipart-post (1.2.0)
    oj (2.10.2)
    rake (10.1.1)
    signet (0.4.5)
      addressable (>= 2.2.3)
      faraday (~> 0.8.1)
      jwt (>= 0.1.5)
      multi_json (>= 1.0.0)
    trollop (2.0)
    uuidtools (2.1.5)

PLATFORMS
  ruby

DEPENDENCIES
  arvados-cli!
  minitest (>= 5.0.0)
  rake
